GIT
  remote: git://github.com/cncardoso/web-app-theme.git
  revision: 80337dba00e1f2b5725371c584d9e2abc5f29127
  specs:
    web-app-theme (0.6.3)

GIT
  remote: git://github.com/ernie/meta_search.git
  revision: dfdd9c3a9956c4a2ad96724e2a801ad77a962b70
  specs:
    meta_search (1.1.0.pre2)
      actionpack (~> 3.1.0.alpha)
      activerecord (~> 3.1.0.alpha)
      activesupport (~> 3.1.0.alpha)

GEM
  remote: http://rubygems.org/
  specs:
    ZenTest (4.5.0)
    actionmailer (3.1.0.rc4)
      actionpack (= 3.1.0.rc4)
      mail (~> 2.3.0)
    actionpack (3.1.0.rc4)
      activemodel (= 3.1.0.rc4)
      activesupport (= 3.1.0.rc4)
      builder (~> 3.0.0)
      erubis (~> 2.7.0)
      i18n (~> 0.6)
      rack (~> 1.3.0)
      rack-cache (~> 1.0.1)
      rack-mount (~> 0.8.1)
      rack-test (~> 0.6.0)
      sprockets (~> 2.0.0.beta.10)
      tzinfo (~> 0.3.27)
    activemodel (3.1.0.rc4)
      activesupport (= 3.1.0.rc4)
      bcrypt-ruby (~> 2.1.4)
      builder (~> 3.0.0)
      i18n (~> 0.6)
    activerecord (3.1.0.rc4)
      activemodel (= 3.1.0.rc4)
      activesupport (= 3.1.0.rc4)
      arel (~> 2.1.1)
      tzinfo (~> 0.3.27)
    activeresource (3.1.0.rc4)
      activemodel (= 3.1.0.rc4)
      activesupport (= 3.1.0.rc4)
    activesupport (3.1.0.rc4)
      multi_json (~> 1.0)
    ansi (1.3.0)
    arel (2.1.3)
    autotest (4.4.6)
      ZenTest (>= 4.4.1)
    bcrypt-ruby (2.1.4)
    builder (3.0.0)
    cocaine (0.1.0)
    coffee-script (2.2.0)
      coffee-script-source
      execjs
    coffee-script-source (1.1.1)
    daemon_controller (0.2.6)
    devise (1.4.2)
      bcrypt-ruby (~> 2.1.2)
      orm_adapter (~> 0.0.3)
      warden (~> 1.0.3)
    diff-lcs (1.1.2)
    erubis (2.7.0)
    execjs (1.2.0)
      multi_json (~> 1.0)
    factory_girl (2.0.0.rc4)
    factory_girl_rails (1.1.rc1)
      factory_girl (~> 2.0.0.rc)
      railties (>= 3.0.0)
    fastthread (1.0.7)
    haml (3.1.2)
    hike (1.1.0)
    hpricot (0.8.4)
    i18n (0.6.0)
    jquery-rails (1.0.12)
      railties (~> 3.0)
      thor (~> 0.14)
    mail (2.3.0)
      i18n (>= 0.4.0)
      mime-types (~> 1.16)
      treetop (~> 1.4.8)
    mime-types (1.16)
    multi_json (1.0.3)
    orm_adapter (0.0.5)
    paperclip (2.3.12)
      activerecord (>= 2.3.0)
      activesupport (>= 2.3.2)
      cocaine (>= 0.0.2)
    passenger (3.0.8)
      daemon_controller (>= 0.2.5)
      fastthread (>= 1.0.1)
      rack
      rake (>= 0.8.1)
    pg (0.11.0)
    polyglot (0.3.1)
    rack (1.3.1)
    rack-cache (1.0.2)
      rack (>= 0.4)
    rack-mount (0.8.1)
      rack (>= 1.0.0)
    rack-ssl (1.3.2)
      rack
    rack-test (0.6.0)
      rack (>= 1.0)
    rails (3.1.0.rc4)
      actionmailer (= 3.1.0.rc4)
      actionpack (= 3.1.0.rc4)
      activerecord (= 3.1.0.rc4)
      activeresource (= 3.1.0.rc4)
      activesupport (= 3.1.0.rc4)
      bundler (~> 1.0)
      railties (= 3.1.0.rc4)
    railties (3.1.0.rc4)
      actionpack (= 3.1.0.rc4)
      activesupport (= 3.1.0.rc4)
      rack-ssl (~> 1.3.2)
      rake (>= 0.8.7)
      rdoc (~> 3.4)
      thor (~> 0.14.6)
    rake (0.9.2)
    rdoc (3.8)
    redis (2.2.1)
    rspec (2.6.0)
      rspec-core (~> 2.6.0)
      rspec-expectations (~> 2.6.0)
      rspec-mocks (~> 2.6.0)
    rspec-core (2.6.4)
    rspec-expectations (2.6.0)
      diff-lcs (~> 1.1.2)
    rspec-mocks (2.6.0)
    rspec-rails (2.6.1)
      actionpack (~> 3.0)
      activesupport (~> 3.0)
      railties (~> 3.0)
      rspec (~> 2.6.0)
    sass (3.1.4)
    sass-rails (3.1.0.rc.4)
      actionpack (~> 3.1.0.rc1)
      railties (~> 3.1.0.rc1)
      sass (>= 3.1.4)
      sprockets (>= 2.0.0.beta.9)
    sprockets (2.0.0.beta.10)
      hike (~> 1.0)
      rack (~> 1.0)
      tilt (!= 1.3.0, ~> 1.1)
    test-unit (2.3.0)
    therubyracer (0.8.2)
    thor (0.14.6)
    tilt (1.3.2)
    treetop (1.4.9)
      polyglot (>= 0.3.1)
    turn (0.8.2)
      ansi (>= 1.2.2)
    tzinfo (0.3.29)
    uglifier (1.0.0)
      execjs (>= 0.3.0)
      multi_json (>= 1.0.2)
    warden (1.0.4)
      rack (>= 1.0)
    will_paginate (3.0.pre4)

PLATFORMS
  ruby

DEPENDENCIES
  autotest
  coffee-script
  devise
  factory_girl_rails (~> 1.1.rc1)
  haml
  hpricot
  jquery-rails
  meta_search!
  paperclip (= 2.3.12)
  passenger (~> 3.0.8)
  pg
  rails (= 3.1.0.rc4)
  redis (~> 2.2.1)
  rspec-rails
  sass-rails (~> 3.1.0.rc)
  test-unit
  therubyracer (= 0.8.2)
  turn
  uglifier
  web-app-theme!
  will_paginate (~> 3.0.pre4)
